PATH
  remote: .
  specs:
    jd_beacon (0.0.1)
      bindata (~> 1.5.1)
      serialport (~> 1.1.0)

GEM
  remote: https://rubygems.org/
  specs:
    awesome_print (1.1.0)
    barista (1.3.0)
      coffee-script (~> 2.2)
    bindata (1.5.1)
    chunky_png (1.2.7)
    coderay (1.0.9)
    coffee-script (2.2.0)
      coffee-script-source
      execjs
    coffee-script-source (1.4.0)
    compass (0.12.2)
      chunky_png (~> 1.2)
      fssm (>= 0.2.7)
      sass (~> 3.1)
    diff-lcs (1.2.4)
    execjs (1.4.0)
      multi_json (~> 1.0)
    fssm (0.2.10)
    haml (4.0.0)
      tilt
    method_source (0.8.1)
    multi_json (1.8.0)
    pry (0.9.12.2)
      coderay (~> 1.0.5)
      method_source (~> 0.8)
      slop (~> 3.4)
    rack (1.5.2)
    rack-protection (1.5.0)
      rack
    require_all (1.2.1)
    rspec (2.14.1)
      rspec-core (~> 2.14.0)
      rspec-expectations (~> 2.14.0)
      rspec-mocks (~> 2.14.0)
    rspec-core (2.14.5)
    rspec-expectations (2.14.2)
      diff-lcs (>= 1.1.3, < 2.0)
    rspec-mocks (2.14.3)
    sass (3.2.6)
    serialport (1.1.0)
    shotgun (0.9)
      rack (>= 1.0)
    sinatra (1.4.2)
      rack (~> 1.5, >= 1.5.2)
      rack-protection (~> 1.4)
      tilt (~> 1.3, >= 1.3.4)
    slop (3.4.3)
    tilt (1.4.1)

PLATFORMS
  ruby

DEPENDENCIES
  awesome_print
  barista (~> 1.3.0)
  compass (~> 0.12.2)
  haml (~> 4.0.0)
  jd_beacon!
  pry
  require_all (~> 1.2.1)
  rspec (~> 2.14.1)
  shotgun (~> 0.9)
  sinatra (~> 1.4.2)
