GEM
  remote: https://rubygems.org/
  specs:
    awesome_print (1.1.0)
    bindata (1.5.1)
    coderay (1.0.9)
    diff-lcs (1.2.4)
    method_source (0.8.1)
    pry (0.9.12.2)
      coderay (~> 1.0.5)
      method_source (~> 0.8)
      slop (~> 3.4)
    rspec (2.14.1)
      rspec-core (~> 2.14.0)
      rspec-expectations (~> 2.14.0)
      rspec-mocks (~> 2.14.0)
    rspec-core (2.14.5)
    rspec-expectations (2.14.2)
      diff-lcs (>= 1.1.3, < 2.0)
    rspec-mocks (2.14.3)
    serialport (1.1.0)
    slop (3.4.3)

PLATFORMS
  ruby

DEPENDENCIES
  awesome_print
  bindata (~> 1.5.1)
  pry
  rspec (~> 2.14.1)
  serialport (~> 1.1.0)
